PATH
  remote: .
  specs:
    bluepay-rb (0.1.0)

GEM
  remote: https://rubygems.org/
  specs:
    binding_of_caller (0.8.0)
      debug_inspector (>= 0.0.1)
    coderay (1.1.2)
    debug_inspector (0.0.3)
    dotenv (2.7.5)
    method_source (1.0.0)
    minitest (5.14.0)
    pry (0.13.1)
      coderay (~> 1.1)
      method_source (~> 1.0)
    rake (12.3.3)

PLATFORMS
  ruby

DEPENDENCIES
  binding_of_caller (~> 0.8.0)
  bluepay-rb!
  dotenv (~> 2.7.5)
  minitest (~> 5.0)
  pry (~> 0.13.1)
  rake (~> 12.0)

BUNDLED WITH
   2.1.4
